GEM
  remote: https://rubygems.org/
  specs:
    RedCloth (4.3.2)
    chunky_png (1.4.0)
    classifier (1.3.5)
      fast-stemmer (~> 1.0.0)
      mathn
      rake
    compass (1.0.3)
      chunky_png (~> 1.2)
      compass-core (~> 1.0.2)
      compass-import-once (~> 1.0.5)
      rb-fsevent (>= 0.9.3)
      rb-inotify (>= 0.9)
      sass (>= 3.3.13, < 3.5)
    compass-core (1.0.3)
      multi_json (~> 1.0)
      sass (>= 3.3.0, < 3.5)
    compass-import-once (1.0.5)
      sass (>= 3.2, < 3.5)
    directory_watcher (1.5.1)
    fast-stemmer (1.0.2)
    ffi (1.15.1)
    haml (4.0.7)
      tilt
    jekyll (0.12.1)
      classifier (~> 1.3)
      directory_watcher (~> 1.1)
      kramdown (~> 0.14)
      liquid (~> 2.3)
      maruku (~> 0.5)
      pygments.rb (~> 1.2.1)
    jsmin (1.0.1)
    kramdown (0.14.2)
    liquid (2.6.3)
    maruku (0.7.3)
    mathn (0.1.0)
    multi_json (1.15.0)
    pygments.rb (1.2.1)
      multi_json (>= 1.0.0)
    rack (1.6.13)
    rack-protection (1.5.5)
      rack
    rake (11.3.0)
    rake-minify (0.4.0)
      jsmin (~> 1.0.1)
      rake (>= 0.8.7)
    rb-fsevent (0.11.0)
    rb-inotify (0.10.1)
      ffi (~> 1.0)
    redcarpet (3.5.1)
    rexml (3.2.5)
    rubypants (0.7.1)
    sass (3.4.25)
    sinatra (1.4.8)
      rack (~> 1.5)
      rack-protection (~> 1.4)
      tilt (>= 1.3, < 3)
    stringex (2.8.5)
    tilt (2.0.10)
    tzinfo (0.3.60)

PLATFORMS
  ruby
  x86_64-darwin-19

DEPENDENCIES
  RedCloth (~> 4.3.0)
  compass (~> 1.0.1)
  haml (~> 4.0.6)
  jekyll (~> 0.12.0)
  liquid (~> 2.5)
  pygments.rb (~> 1.2.1)
  rack (~> 1.6.5)
  rake (~> 11.3)
  rake-minify
  rb-fsevent
  redcarpet (~> 3.0)
  rexml
  rubypants (~> 0.2)
  sinatra (~> 1.4.2)
  stringex (~> 2.0)
  tzinfo (~> 0.3.45)

BUNDLED WITH
   2.2.14
